GIT
  remote: https://github.com/dblock/slack-ruby-client
  revision: cab992d91aa5b4eb511316db20c386d950bdca07
  specs:
    slack-ruby-client (0.7.1)
      activesupport
      faraday
      faraday_middleware
      gli
      hashie
      json
      websocket-driver

GEM
  remote: https://rubygems.org/
  specs:
    activesupport (4.2.5.2)
      i18n (~> 0.7)
      json (~> 1.7, >= 1.7.7)
      minitest (~> 5.1)
      thread_safe (~> 0.3, >= 0.3.4)
      tzinfo (~> 1.1)
    eventmachine (1.0.9.1)
    faraday (0.9.2)
      multipart-post (>= 1.2, < 3)
    faraday_middleware (0.10.0)
      faraday (>= 0.7.4, < 0.10)
    faye-websocket (0.10.3)
      eventmachine (>= 0.12.0)
      websocket-driver (>= 0.5.1)
    gli (2.13.4)
    hashie (3.4.3)
    i18n (0.7.0)
    json (1.8.3)
    minitest (5.8.4)
    multipart-post (2.0.0)
    thread_safe (0.3.5)
    tzinfo (1.2.2)
      thread_safe (~> 0.1)
    websocket-driver (0.6.3)
      websocket-extensions (>= 0.1.0)
    websocket-extensions (0.1.2)

PLATFORMS
  ruby

DEPENDENCIES
  faye-websocket
  slack-ruby-client!

BUNDLED WITH
   1.11.2
